RESTRICTION: >= net45
NUGET
  remote: https://www.nuget.org/api/v2
    FSharp.Core (4.0.0.1)
    Newtonsoft.Json (10.0.3)
    YamlDotNet (4.2.2)
GITHUB
  remote: fsharp/FSharp.Data
    src/CommonRuntime/IO.fs (9d8f3a0c2eb4b4842f74ca181eab8a2a3e57e18e)
    src/CommonRuntime/NameUtils.fs (9d8f3a0c2eb4b4842f74ca181eab8a2a3e57e18e)
    src/CommonRuntime/Pluralizer.fs (9d8f3a0c2eb4b4842f74ca181eab8a2a3e57e18e)
    src/CommonRuntime/StructuralTypes.fs (9d8f3a0c2eb4b4842f74ca181eab8a2a3e57e18e)
    src/CommonRuntime/TextConversions.fs (9d8f3a0c2eb4b4842f74ca181eab8a2a3e57e18e)
    src/Json/JsonConversions.fs (9d8f3a0c2eb4b4842f74ca181eab8a2a3e57e18e)
    src/Json/JsonExtensions.fs (9d8f3a0c2eb4b4842f74ca181eab8a2a3e57e18e)
    src/Json/JsonValue.fs (9d8f3a0c2eb4b4842f74ca181eab8a2a3e57e18e)
    src/Net/Http.fs (9d8f3a0c2eb4b4842f74ca181eab8a2a3e57e18e)
  remote: fsprojects/FSharp.TypeProviders.SDK
    src/ProvidedTypes.fs (f0c4a6300db313eb2616c4f792cd6ae68c255e56)
    src/ProvidedTypes.fsi (f0c4a6300db313eb2616c4f792cd6ae68c255e56)
    src/ProvidedTypesTesting.fs (f0c4a6300db313eb2616c4f792cd6ae68c255e56)
GROUP Build
RESTRICTION: == net461
NUGET
  remote: https://www.nuget.org/api/v2
    DotLiquid (2.0.227)
    FAKE (4.63.2)
    FSharp.Compiler.Service (2.0.0.6)
    FSharp.Core (4.2.3)
    FSharp.Formatting (2.14.4)
      FSharp.Compiler.Service (2.0.0.6)
      FSharpVSPowerTools.Core (>= 2.3 < 2.4)
    FSharpVSPowerTools.Core (2.3)
      FSharp.Compiler.Service (>= 2.0.0.3)
    Octokit (0.28)
    Suave (2.2.1)
      FSharp.Core (>= 4.0.0.1)
GITHUB
  remote: fsharp/FAKE
    modules/Octokit/Octokit.fsx (0341a2e614eb2a7f34607cec914eb0ed83ce9add)
      Octokit (>= 0.20)
GROUP OWIN
RESTRICTION: == net461
NUGET
  remote: https://www.nuget.org/api/v2
    FSharp.Core (4.2.3) - redirects: force
    Microsoft.AspNet.WebApi.Client (5.2.3)
      Newtonsoft.Json (>= 6.0.4)
    Microsoft.AspNet.WebApi.Core (5.2.3)
      Microsoft.AspNet.WebApi.Client (>= 5.2.3)
    Microsoft.AspNet.WebApi.Owin (5.2.3)
      Microsoft.AspNet.WebApi.Core (>= 5.2.3 < 5.3)
      Microsoft.Owin (>= 2.0.2)
      Owin (>= 1.0)
    Microsoft.AspNet.WebApi.OwinSelfHost (5.2.3)
      Microsoft.AspNet.WebApi.Owin (>= 5.2.3 < 5.3)
      Microsoft.Owin.Host.HttpListener (>= 2.0.2)
      Microsoft.Owin.Hosting (>= 2.0.2)
    Microsoft.Owin (3.1)
      Owin (>= 1.0)
    Microsoft.Owin.Host.HttpListener (3.1)
    Microsoft.Owin.Hosting (3.1)
      Microsoft.Owin (>= 3.1)
      Owin (>= 1.0)
    Newtonsoft.Json (10.0.3)
    Owin (1.0)
    Swashbuckle.Core (5.6)
      Microsoft.AspNet.WebApi.Core (>= 4.0.20710)
      Newtonsoft.Json (>= 7.0.1)

GROUP Test
RESTRICTION: == net461
NUGET
  remote: https://www.nuget.org/api/v2
    Argu (3.7)
    Expecto (5.0.1)
      Argu (>= 3.7)
      FSharp.Core (>= 4.1.12)
      Mono.Cecil (>= 0.10.0-beta5)
    FSharp.Compiler.Service (17.0.1)
      System.Collections.Immutable (>= 1.3.1)
      System.Reflection.Metadata (>= 1.4.2)
    FSharp.Core (4.2.3) - redirects: force
    FSharp.Data (2.4.2)
    Microsoft.NETCore.Platforms (2.0.1)
    Mono.Cecil (0.10.0-beta7)
    NETStandard.Library (2.0.1)
      Microsoft.NETCore.Platforms (>= 1.1)
    System.Collections.Immutable (1.4)
      NETStandard.Library (>= 1.6.1)
    System.Reflection.Metadata (1.5)
      NETStandard.Library (>= 1.6.1)
      System.Collections.Immutable (>= 1.4)
